GIT
  remote: git://github.com/olbrich/ruby-units.git
  revision: d5ed4230b0ee75f3c2631221e57d885b9d64826e
  specs:
    ruby-units (1.4.4)

GEM
  remote: https://rubygems.org/
  specs:
    addressable (2.3.6)
    aruba (0.5.4)
      childprocess (>= 0.3.6)
      cucumber (>= 1.1.1)
      rspec-expectations (>= 2.7.0)
    beefcake (0.5.0)
    builder (3.2.2)
    childprocess (0.5.2)
      ffi (~> 1.0, >= 1.0.11)
    colorize (0.6.0)
    crack (0.4.2)
      safe_yaml (~> 1.0.0)
    cucumber (1.3.14)
      builder (>= 2.1.2)
      diff-lcs (>= 1.1.3)
      gherkin (~> 2.12)
      multi_json (>= 1.7.5, < 2.0)
      multi_test (>= 0.1.1)
    dante (0.2.0)
    diff-lcs (1.2.5)
    docile (1.1.1)
    ffi (1.9.3)
    gherkin (2.12.2)
      multi_json (~> 1.3)
    hashifiable (0.1.3)
    mime-types (2.1)
    mtrc (0.0.4)
    multi_json (1.8.2)
    multi_test (0.1.1)
    open_uri_redirections (0.1.4)
    rest-client (1.6.7)
      mime-types (>= 1.16)
    riemann-client (0.2.2)
      beefcake (>= 0.3.5)
      mtrc (>= 0.0.4)
      trollop (>= 1.16.2)
    rspec (2.14.1)
      rspec-core (~> 2.14.0)
      rspec-expectations (~> 2.14.0)
      rspec-mocks (~> 2.14.0)
    rspec-core (2.14.7)
    rspec-expectations (2.14.4)
      diff-lcs (>= 1.1.3, < 2.0)
    rspec-mocks (2.14.4)
    ruby-graphviz (1.0.9)
    safe_yaml (1.0.2)
    simplecov (0.8.2)
      docile (~> 1.1.0)
      multi_json
      simplecov-html (~> 0.8.0)
    simplecov-html (0.8.0)
    thor (0.18.1)
    trollop (2.0)
    webmock (1.17.4)
      addressable (>= 2.2.7)
      crack (>= 0.3.2)

PLATFORMS
  ruby

DEPENDENCIES
  aruba
  colorize
  cucumber
  dante
  docile
  hashifiable
  open_uri_redirections
  rest-client
  riemann-client
  rspec
  ruby-graphviz
  ruby-units!
  simplecov
  thor
  webmock
