GIT
  remote: git://github.com/olbrich/ruby-units.git
  revision: d5ed4230b0ee75f3c2631221e57d885b9d64826e
  specs:
    ruby-units (1.4.4)

GEM
  remote: https://rubygems.org/
  specs:
    beefcake (0.5.0)
    colorize (0.6.0)
    diff-lcs (1.2.5)
    docile (1.1.1)
    mtrc (0.0.4)
    multi_json (1.8.2)
    riemann-client (0.2.2)
      beefcake (>= 0.3.5)
      mtrc (>= 0.0.4)
      trollop (>= 1.16.2)
    rspec (2.14.1)
      rspec-core (~> 2.14.0)
      rspec-expectations (~> 2.14.0)
      rspec-mocks (~> 2.14.0)
    rspec-core (2.14.7)
    rspec-expectations (2.14.4)
      diff-lcs (>= 1.1.3, < 2.0)
    rspec-mocks (2.14.4)
    ruby-graphviz (1.0.9)
    simplecov (0.8.2)
      docile (~> 1.1.0)
      multi_json
      simplecov-html (~> 0.8.0)
    simplecov-html (0.8.0)
    thor (0.18.1)
    trollop (2.0)

PLATFORMS
  ruby

DEPENDENCIES
  colorize
  docile
  riemann-client
  rspec
  ruby-graphviz
  ruby-units!
  simplecov
  thor
